GEM
  remote: http://rubygems.org/
  specs:
    abstract (1.0.0)
    actionmailer (3.0.5)
      actionpack (= 3.0.5)
      mail (~> 2.2.15)
    actionpack (3.0.5)
      activemodel (= 3.0.5)
      activesupport (= 3.0.5)
      builder (~> 2.1.2)
      erubis (~> 2.6.6)
      i18n (~> 0.4)
      rack (~> 1.2.1)
      rack-mount (~> 0.6.13)
      rack-test (~> 0.5.7)
      tzinfo (~> 0.3.23)
    activemodel (3.0.5)
      activesupport (= 3.0.5)
      builder (~> 2.1.2)
      i18n (~> 0.4)
    activerecord (3.0.5)
      activemodel (= 3.0.5)
      activesupport (= 3.0.5)
      arel (~> 2.0.2)
      tzinfo (~> 0.3.23)
    activerecord-jdbc-adapter (1.1.1)
    activeresource (3.0.5)
      activemodel (= 3.0.5)
      activesupport (= 3.0.5)
    activesupport (3.0.5)
    arel (2.0.9)
    awesome_print (0.4.0)
    bcrypt-ruby (2.1.4-java)
    bson (1.3.1-java)
    builder (2.1.2)
    bunny (0.6.0)
    devise (1.3.4)
      bcrypt-ruby (~> 2.1.2)
      orm_adapter (~> 0.0.3)
      warden (~> 1.0.3)
    erubis (2.6.6)
      abstract (>= 1.0.0)
    ffi (1.0.9-java)
    file-tail (1.0.5)
      spruz (>= 0.1.0)
    filewatch (0.2.5)
      ffi
    gelf (1.1.3)
      json
    haml (3.1.2)
    i18n (0.6.0)
    jdbc-mysql (5.1.13)
    jls-grok (0.4.7)
      ffi (>= 0.6.3)
    jquery-rails (1.0)
      rails (~> 3.0)
      thor (~> 0.14)
    jruby-elasticsearch (0.0.9)
    jruby-rack (1.0.8)
    json (1.5.1-java)
    logstash (1.0.12)
      awesome_print
      bunny
      bunny
      file-tail
      filewatch (~> 0.2.3)
      gelf
      haml
      jls-grok (~> 0.4.7)
      jls-grok (~> 0.4.7)
      jruby-elasticsearch (>= 0.0.2)
      jruby-elasticsearch (~> 0.0.7)
      json
      json
      mizuno
      mongo
      rack
      sinatra
      stomp
      uuidtools
      uuidtools
    mail (2.2.19)
      activesupport (>= 2.3.6)
      i18n (>= 0.4.0)
      mime-types (~> 1.16)
      treetop (~> 1.4.8)
    mime-types (1.16)
    mizuno (0.4.0)
      rack (>= 1.0.0)
    mongo (1.3.1)
      bson (>= 1.3.1)
    orm_adapter (0.0.4)
    polyglot (0.3.1)
    rack (1.2.3)
    rack-mount (0.6.14)
      rack (>= 1.0.0)
    rack-test (0.5.7)
      rack (>= 1.0)
    rails (3.0.5)
      actionmailer (= 3.0.5)
      actionpack (= 3.0.5)
      activerecord (= 3.0.5)
      activeresource (= 3.0.5)
      activesupport (= 3.0.5)
      bundler (~> 1.0)
      railties (= 3.0.5)
    railties (3.0.5)
      actionpack (= 3.0.5)
      activesupport (= 3.0.5)
      rake (>= 0.8.7)
      thor (~> 0.14.4)
    rake (0.9.2)
    sinatra (1.2.6)
      rack (~> 1.1)
      tilt (>= 1.2.2, < 2.0)
    spruz (0.2.7)
    stomp (1.1.9)
    thor (0.14.6)
    tilt (1.3.2)
    treetop (1.4.9)
      polyglot (>= 0.3.1)
    trinidad (1.1.1)
      jruby-rack (>= 1.0.6)
      trinidad_jars (>= 1.0.0)
    trinidad_jars (1.0.1)
    tzinfo (0.3.28)
    uuidtools (2.1.2)
    warden (1.0.4)
      rack (>= 1.0)

PLATFORMS
  java

DEPENDENCIES
  activerecord-jdbc-adapter
  devise
  haml
  jdbc-mysql
  jquery-rails
  logstash
  rails (= 3.0.5)
  sqlite3
  trinidad
